GEM
  specs:

PLATFORMS
  ruby

DEPENDENCIES

RUBY VERSION
   ruby 2.7.0p-1

BUNDLED WITH
   2.1.0.pre.3
